GEM
  remote: https://rubygems.org/
  specs:
    base_x (0.8.1)
    daemons (1.3.1)
    eventmachine (1.2.7)
    json (2.2.0)
    minitest (5.11.3)
    mustermann (2.0.2)
      ruby2_keywords (~> 0.0.1)
    rack (2.2.4)
    rack-protection (2.2.3)
      rack
    rack-test (2.0.2)
      rack (>= 1.3)
    ruby2_keywords (0.0.5)
    sinatra (2.2.3)
      mustermann (~> 2.0)
      rack (~> 2.2)
      rack-protection (= 2.2.3)
      tilt (~> 2.0)
    sinatra-param (1.6.0)
      sinatra (>= 1.3)
    thin (1.7.2)
      daemons (~> 1.0, >= 1.0.9)
      eventmachine (~> 1.0, >= 1.0.4)
      rack (>= 1, < 3)
    tilt (2.0.11)

PLATFORMS
  ruby

DEPENDENCIES
  base_x
  json
  minitest
  rack-test
  sinatra
  sinatra-param
  thin

RUBY VERSION
   ruby 2.3.1p112

BUNDLED WITH
   2.0.2
